GEM
  remote: https://rubygems.org/
  specs:
    builder (3.0.4)
    bundle (0.0.1)
      bundler
    ci_reporter (1.9.0)
      builder (>= 2.1.2)
    coderay (1.1.0)
    cucumber (1.2.1)
      builder (>= 2.1.2)
      diff-lcs (>= 1.1.3)
      gherkin (~> 2.11.0)
      json (>= 1.4.6)
    diff-lcs (1.1.3)
    gherkin (2.11.6)
      json (>= 1.7.6)
    json (1.8.1)
    method_source (0.8.2)
    multi_json (1.8.2)
    pry (0.9.12.4)
      coderay (~> 1.0)
      method_source (~> 0.8)
      slop (~> 3.4)
    rake (10.1.0)
    rspec (2.13.0)
      rspec-core (~> 2.13.0)
      rspec-expectations (~> 2.13.0)
      rspec-mocks (~> 2.13.0)
    rspec-core (2.13.1)
    rspec-expectations (2.13.0)
      diff-lcs (>= 1.1.3, < 2.0)
    rspec-mocks (2.13.1)
    simplecov (0.7.1)
      multi_json (~> 1.0)
      simplecov-html (~> 0.7.1)
    simplecov-html (0.7.1)
    simplecov-rcov (0.2.3)
      simplecov (>= 0.4.1)
    slop (3.4.7)

PLATFORMS
  ruby

DEPENDENCIES
  builder
  bundle
  ci_reporter (~> 1.9.0)
  cucumber
  diff-lcs (= 1.1.3)
  pry
  rake
  rspec
  simplecov
  simplecov-rcov
